GIT
  remote: https://github.com/emgreen33/adp-connection-ruby
  revision: 56a93c17947d8bb849b119ac7f843a9ca4228d1e
  specs:
    adp-connection (0.1.5)
      json (~> 2.2.0)

GEM
  remote: https://rubygems.org/
  specs:
    adp-product-userinfo (0.1.0)
      adp-connection
    backports (3.6.8)
    json (2.2.0)
    minitest (5.8.4)
    multi_json (1.11.2)
    rack (1.6.4)
    rack-protection (1.5.3)
      rack
    rack-test (0.6.3)
      rack (>= 1.0)
    rake (10.5.0)
    sinatra (1.4.7)
      rack (~> 1.5)
      rack-protection (~> 1.4)
      tilt (>= 1.3, < 3)
    sinatra-config-file (1.0)
      sinatra-contrib
    sinatra-contrib (1.4.6)
      backports (>= 2.0)
      multi_json
      rack-protection
      rack-test
      sinatra (~> 1.4.0)
      tilt (>= 1.3, < 3)
    tilt (2.0.2)

PLATFORMS
  ruby

DEPENDENCIES
  adp-connection!
  adp-product-userinfo
  minitest (~> 5.2)
  rack-test (~> 0.6)
  rake (~> 10.0)
  sinatra (~> 1.4)
  sinatra-config-file

BUNDLED WITH
   2.0.1
